PATH
  remote: .
  specs:
    aws-spec-etl (0.1.5)

GEM
  remote: https://rubygems.org/
  specs:
    activesupport (7.0.4.1)
      concurrent-ruby (~> 1.0, >= 1.0.2)
      i18n (>= 1.6, < 2)
      minitest (>= 5.1)
      tzinfo (~> 2.0)
    concurrent-ruby (1.1.10)
    i18n (1.12.0)
      concurrent-ruby (~> 1.0)
    minitest (5.11.3)
    rake (10.5.0)
    tzinfo (2.0.5)
      concurrent-ruby (~> 1.0)

PLATFORMS
  ruby

DEPENDENCIES
  activesupport (~> 7.0.4)
  aws-spec-etl!
  bundler
  minitest (~> 5.0)
  rake (~> 10.0)

BUNDLED WITH
   2.0.1
